PATH
  remote: .
  specs:
    truthtable (0.0.1)
      msgpack

GEM
  remote: https://rubygems.org/
  specs:
    diff-lcs (1.1.3)
    gem-release (0.3.1)
    msgpack (0.4.7)
    rspec (2.11.0)
      rspec-core (~> 2.11.0)
      rspec-expectations (~> 2.11.0)
      rspec-mocks (~> 2.11.0)
    rspec-core (2.11.1)
    rspec-expectations (2.11.2)
      diff-lcs (~> 1.1.3)
    rspec-mocks (2.11.1)

PLATFORMS
  ruby

DEPENDENCIES
  gem-release
  rspec
  truthtable!
